GEM
  remote: https://rubygems.org/
  specs:
    ffi (1.9.18)
    jekyll-watch (1.5.0)
      listen (~> 3.0, < 3.1)
    kramdown (1.14.0)
    listen (3.0.8)
      rb-fsevent (~> 0.9, >= 0.9.4)
      rb-inotify (~> 0.9, >= 0.9.7)
    rb-fsevent (0.10.2)
    rb-inotify (0.9.10)
      ffi (>= 0.5.0, < 2)
    rouge (2.2.1)

PLATFORMS
  ruby

DEPENDENCIES
  jekyll-watch
  kramdown
  rouge

BUNDLED WITH
   1.15.4
